GIT
  remote: https://github.com/jekyll/jekyll.git
  revision: fa9c9337731e1f8d04c0ed697ca91b07d1fb9b74
  specs:
    jekyll (2.0.0.alpha.3)
      classifier (~> 1.3)
      colorator (~> 0.1)
      jekyll-coffeescript (~> 1.0)
      jekyll-sass-converter (~> 1.0.0.rc3)
      liquid (~> 2.5.5)
      listen (~> 2.5)
      maruku (= 0.7.0)
      mercenary (~> 0.3.1)
      pygments.rb (~> 0.5.0)
      redcarpet (~> 3.1)
      safe_yaml (~> 1.0)
      toml (~> 0.1.0)

GEM
  remote: https://rubygems.org/
  specs:
    blankslate (2.1.2.4)
    celluloid (0.15.2)
      timers (~> 1.1.0)
    celluloid-io (0.15.0)
      celluloid (>= 0.15.0)
      nio4r (>= 0.5.0)
    classifier (1.3.4)
      fast-stemmer (>= 1.0.0)
    coffee-script (2.2.0)
      coffee-script-source
      execjs
    coffee-script-source (1.7.0)
    colorator (0.1)
    execjs (2.0.2)
    fast-stemmer (1.0.2)
    ffi (1.9.3)
    haml (4.0.5)
      tilt
    jekyll-coffeescript (1.0.0)
      coffee-script (~> 2.2)
    jekyll-haml (0.1.1)
      haml (>= 3.0.0)
      jekyll (>= 0.10.0)
    jekyll-sass-converter (1.0.0.rc3)
      sass (~> 3.2)
    liquid (2.5.5)
    listen (2.7.1)
      celluloid (>= 0.15.2)
      celluloid-io (>= 0.15.0)
      rb-fsevent (>= 0.9.3)
      rb-inotify (>= 0.9)
    maruku (0.7.0)
    mercenary (0.3.2)
    nio4r (1.0.0)
    parslet (1.5.0)
      blankslate (~> 2.0)
    posix-spawn (0.3.8)
    pygments.rb (0.5.4)
      posix-spawn (~> 0.3.6)
      yajl-ruby (~> 1.1.0)
    rb-fsevent (0.9.4)
    rb-inotify (0.9.3)
      ffi (>= 0.5.0)
    redcarpet (3.1.1)
    safe_yaml (1.0.2)
    sass (3.3.5)
    tilt (2.0.1)
    timers (1.1.0)
    toml (0.1.1)
      parslet (~> 1.5.0)
    yajl-ruby (1.1.0)

PLATFORMS
  ruby

DEPENDENCIES
  jekyll!
  jekyll-haml
